GEM
  remote: https://rubygems.org/
  specs:
    ffi (1.15.4)
    mecab (0.996)
    natto (1.2.0)
      ffi (>= 1.9.0)

PLATFORMS
  x86_64-darwin-19

DEPENDENCIES
  mecab
  natto

RUBY VERSION
   ruby 3.0.0p0

BUNDLED WITH
   2.2.31
